PATH
  remote: .
  specs:
    device_api-ios (1.1.0)
      device_api (>= 1.0, < 2.0)
      ios-devices (>= 0.2)
      ox (>= 2.1.0)

GEM
  remote: https://rubygems.org/
  specs:
    device_api (1.0.2)
    diff-lcs (1.2.5)
    ios-devices (0.2.1)
    ox (2.4.9)
    rspec (3.3.0)
      rspec-core (~> 3.3.0)
      rspec-expectations (~> 3.3.0)
      rspec-mocks (~> 3.3.0)
    rspec-core (3.3.2)
      rspec-support (~> 3.3.0)
    rspec-expectations (3.3.1)
      diff-lcs (>= 1.2.0, < 2.0)
      rspec-support (~> 3.3.0)
    rspec-mocks (3.3.2)
      diff-lcs (>= 1.2.0, < 2.0)
      rspec-support (~> 3.3.0)
    rspec-support (3.3.0)

PLATFORMS
  ruby

DEPENDENCIES
  device_api-ios!
  rspec

BUNDLED WITH
   1.14.3
