PATH
  remote: .
  specs:
    device_api-ios (1.1.1)
      device_api (>= 1.0, < 2.0)
      ios-devices (>= 0.2)
      ox (>= 2.9.4)

GEM
  remote: https://rubygems.org/
  specs:
    device_api (1.0.2)
    diff-lcs (1.3)
    ios-devices (0.2.6)
    ox (2.9.4)
    rspec (3.8.0)
      rspec-core (~> 3.8.0)
      rspec-expectations (~> 3.8.0)
      rspec-mocks (~> 3.8.0)
    rspec-core (3.8.0)
      rspec-support (~> 3.8.0)
    rspec-expectations (3.8.1)
      diff-lcs (>= 1.2.0, < 2.0)
      rspec-support (~> 3.8.0)
    rspec-mocks (3.8.0)
      diff-lcs (>= 1.2.0, < 2.0)
      rspec-support (~> 3.8.0)
    rspec-support (3.8.0)

PLATFORMS
  ruby

DEPENDENCIES
  device_api-ios!
  rspec (~> 3.5)

BUNDLED WITH
   1.16.2
